GIT
  remote: https://github.com/berkmancenter/oai_repository.git
  revision: eef6b78cc4868ede6869dd500836efa8095fb015
  specs:
    oai_repository (0.9.5)
      oai
      rails (~> 7.1)

GIT
  remote: https://github.com/ruby/net-pop.git
  revision: e8d0afe2773b9eb6a23c39e9e437f6fc0fc7c733
  specs:
    net-pop (0.1.2)
      net-protocol

GEM
  remote: https://rubygems.org/
  specs:
    actioncable (7.1.3.4)
      actionpack (= 7.1.3.4)
      activesupport (= 7.1.3.4)
      nio4r (~> 2.0)
      websocket-driver (>= 0.6.1)
      zeitwerk (~> 2.6)
    actionmailbox (7.1.3.4)
      actionpack (= 7.1.3.4)
      activejob (= 7.1.3.4)
      activerecord (= 7.1.3.4)
      activestorage (= 7.1.3.4)
      activesupport (= 7.1.3.4)
      mail (>= 2.7.1)
      net-imap
      net-pop
      net-smtp
    actionmailer (7.1.3.4)
      actionpack (= 7.1.3.4)
      actionview (= 7.1.3.4)
      activejob (= 7.1.3.4)
      activesupport (= 7.1.3.4)
      mail (~> 2.5, >= 2.5.4)
      net-imap
      net-pop
      net-smtp
      rails-dom-testing (~> 2.2)
    actionpack (7.1.3.4)
      actionview (= 7.1.3.4)
      activesupport (= 7.1.3.4)
      nokogiri (>= 1.8.5)
      racc
      rack (>= 2.2.4)
      rack-session (>= 1.0.1)
      rack-test (>= 0.6.3)
      rails-dom-testing (~> 2.2)
      rails-html-sanitizer (~> 1.6)
    actiontext (7.1.3.4)
      actionpack (= 7.1.3.4)
      activerecord (= 7.1.3.4)
      activestorage (= 7.1.3.4)
      activesupport (= 7.1.3.4)
      globalid (>= 0.6.0)
      nokogiri (>= 1.8.5)
    actionview (7.1.3.4)
      activesupport (= 7.1.3.4)
      builder (~> 3.1)
      erubi (~> 1.11)
      rails-dom-testing (~> 2.2)
      rails-html-sanitizer (~> 1.6)
    activejob (7.1.3.4)
      activesupport (= 7.1.3.4)
      globalid (>= 0.3.6)
    activemodel (7.1.3.4)
      activesupport (= 7.1.3.4)
    activerecord (7.1.3.4)
      activemodel (= 7.1.3.4)
      activesupport (= 7.1.3.4)
      timeout (>= 0.4.0)
    activerecord-import (1.7.0)
      activerecord (>= 4.2)
    activestorage (7.1.3.4)
      actionpack (= 7.1.3.4)
      activejob (= 7.1.3.4)
      activerecord (= 7.1.3.4)
      activesupport (= 7.1.3.4)
      marcel (~> 1.0)
    activesupport (7.1.3.4)
      base64
      bigdecimal
      concurrent-ruby (~> 1.0, >= 1.0.2)
      connection_pool (>= 2.2.5)
      drb
      i18n (>= 1.6, < 2)
      minitest (>= 5.1)
      mutex_m
      tzinfo (~> 2.0)
    addressable (2.8.6)
      public_suffix (>= 2.0.2, < 6.0)
    amatch (0.4.1)
      mize
      tins (~> 1.0)
    ancestry (4.3.3)
      activerecord (>= 5.2.6)
    annotate (3.2.0)
      activerecord (>= 3.2, < 8.0)
      rake (>= 10.4, < 14.0)
    autoprefixer-rails (10.4.16.0)
      execjs (~> 2)
    base64 (0.2.0)
    bcrypt (3.1.20)
    bigdecimal (3.1.8)
    bootsnap (1.18.3)
      msgpack (~> 1.2)
    builder (3.3.0)
    capybara (3.40.0)
      addressable
      matrix
      mini_mime (>= 0.1.3)
      nokogiri (~> 1.11)
      rack (>= 1.6.0)
      rack-test (>= 0.6.3)
      regexp_parser (>= 1.5, < 3.0)
      xpath (~> 3.2)
    cliver (0.3.2)
    coffee-rails (5.0.0)
      coffee-script (>= 2.2.0)
      railties (>= 5.2.0)
    coffee-script (2.4.1)
      coffee-script-source
      execjs
    coffee-script-source (1.12.2)
    concurrent-ruby (1.3.3)
    connection_pool (2.4.1)
    crass (1.0.6)
    dalli (3.2.8)
    devise (4.9.4)
      bcrypt (~> 3.0)
      orm_adapter (~> 0.1)
      railties (>= 4.1.0)
      responders
      warden (~> 1.2.3)
    diff-lcs (1.5.1)
    digest (3.1.1)
    drb (2.2.1)
    erubi (1.13.0)
    exception_notification (4.5.0)
      actionmailer (>= 5.2, < 8)
      activesupport (>= 5.2, < 8)
    execjs (2.9.1)
    factory_girl (4.9.0)
      activesupport (>= 3.0.0)
    factory_girl_rails (4.9.0)
      factory_girl (~> 4.9.0)
      railties (>= 3.0.0)
    faraday (2.9.1)
      faraday-net_http (>= 2.0, < 3.2)
    faraday-follow_redirects (0.3.0)
      faraday (>= 1, < 3)
    faraday-net_http (3.1.0)
      net-http
    ffi (1.17.0)
    ffi (1.17.0-x86-mingw32)
    flickraw (0.9.10)
    formtastic (5.0.0)
      actionpack (>= 6.0.0)
    globalid (1.2.1)
      activesupport (>= 6.1)
    highline (3.0.1)
    htmlentities (4.3.4)
    i18n (1.14.5)
      concurrent-ruby (~> 1.0)
    io-console (0.7.2)
    irb (1.13.1)
      rdoc (>= 4.0.0)
      reline (>= 0.4.2)
    jquery-rails (4.6.0)
      rails-dom-testing (>= 1, < 3)
      railties (>= 4.2.0)
      thor (>= 0.14, < 2.0)
    jquery-ui-rails (7.0.0)
      railties (>= 3.2.16)
    listen (3.9.0)
      rb-fsevent (~> 0.10, >= 0.10.3)
      rb-inotify (~> 0.9, >= 0.9.10)
    loofah (2.22.0)
      crass (~> 1.0.2)
      nokogiri (>= 1.12.0)
    mail (2.8.1)
      mini_mime (>= 0.1.1)
      net-imap
      net-pop
      net-smtp
    marcel (1.0.4)
    matrix (0.4.2)
    memcache-client (1.8.5)
    mini_mime (1.1.5)
    mini_portile2 (2.8.7)
    minitest (5.23.1)
    mize (0.4.1)
      protocol (~> 2.0)
    msgpack (1.7.2)
    mutex_m (0.2.0)
    naturally (1.3.2)
    net-http (0.4.1)
      uri
    net-imap (0.2.4)
      digest
      net-protocol
      strscan
    net-protocol (0.2.2)
      timeout
    net-smtp (0.3.4)
      net-protocol
    nio4r (2.7.3)
    nokogiri (1.16.6)
      mini_portile2 (~> 2.8.2)
      racc (~> 1.4)
    nokogiri (1.16.6-x86-mingw32)
      racc (~> 1.4)
    oai (1.2.1)
      builder (>= 3.1.0)
      faraday (< 3)
      faraday-follow_redirects (>= 0.3.0, < 2)
    options (2.3.2)
    orm_adapter (0.5.0)
    pg (1.5.6)
    poltergeist (1.18.1)
      capybara (>= 2.1, < 4)
      cliver (~> 0.3.1)
      websocket-driver (>= 0.2.0)
    power_assert (2.0.3)
    pr_geohash (1.0.0)
    progress_bar (1.3.4)
      highline (>= 1.6)
      options (~> 2.3.0)
    progressbar (1.13.0)
    protected_attributes_continued (1.9.0)
      activemodel (>= 5.0)
    protocol (2.0.0)
      ruby_parser (~> 3.0)
    psych (3.3.4)
    public_suffix (5.0.5)
    racc (1.8.0)
    rack (2.2.9)
    rack-session (1.0.2)
      rack (< 3)
    rack-test (2.1.0)
      rack (>= 1.3)
    rackup (1.0.0)
      rack (< 3)
      webrick
    rails (7.1.3.4)
      actioncable (= 7.1.3.4)
      actionmailbox (= 7.1.3.4)
      actionmailer (= 7.1.3.4)
      actionpack (= 7.1.3.4)
      actiontext (= 7.1.3.4)
      actionview (= 7.1.3.4)
      activejob (= 7.1.3.4)
      activemodel (= 7.1.3.4)
      activerecord (= 7.1.3.4)
      activestorage (= 7.1.3.4)
      activesupport (= 7.1.3.4)
      bundler (>= 1.15.0)
      railties (= 7.1.3.4)
    rails-dom-testing (2.2.0)
      activesupport (>= 5.0.0)
      minitest
      nokogiri (>= 1.6)
    rails-html-sanitizer (1.6.0)
      loofah (~> 2.21)
      nokogiri (~> 1.14)
    railties (7.1.3.4)
      actionpack (= 7.1.3.4)
      activesupport (= 7.1.3.4)
      irb
      rackup (>= 1.0.0)
      rake (>= 12.2)
      thor (~> 1.0, >= 1.2.2)
      zeitwerk (~> 2.6)
    rake (13.2.1)
    ranked-model (0.4.9)
      activerecord (>= 5.2)
    rb-fsevent (0.11.2)
    rb-inotify (0.11.1)
      ffi (~> 1.0)
    rdoc (6.3.4.1)
    regexp_parser (2.9.2)
    reline (0.5.9)
      io-console (~> 0.5)
    responders (3.1.1)
      actionpack (>= 5.2)
      railties (>= 5.2)
    rexml (3.3.0)
      strscan
    roman-numerals (0.3.0)
    rsolr (2.5.0)
      builder (>= 2.1.2)
      faraday (>= 0.9, < 3, != 2.0.0)
    rspec-core (3.13.0)
      rspec-support (~> 3.13.0)
    rspec-expectations (3.13.1)
      diff-lcs (>= 1.2.0, < 2.0)
      rspec-support (~> 3.13.0)
    rspec-mocks (3.13.1)
      diff-lcs (>= 1.2.0, < 2.0)
      rspec-support (~> 3.13.0)
    rspec-rails (6.1.2)
      actionpack (>= 6.1)
      activesupport (>= 6.1)
      railties (>= 6.1)
      rspec-core (~> 3.13)
      rspec-expectations (~> 3.13)
      rspec-mocks (~> 3.13)
      rspec-support (~> 3.13)
    rspec-support (3.13.1)
    ruby-prof (1.7.0)
    ruby_parser (3.21.0)
      racc (~> 1.5)
      sexp_processor (~> 4.16)
    rubyzip (2.3.2)
    sass (3.7.4)
      sass-listen (~> 4.0.0)
    sass-listen (4.0.0)
      rb-fsevent (~> 0.9, >= 0.9.4)
      rb-inotify (~> 0.9, >= 0.9.7)
    sass-rails (5.1.0)
      railties (>= 5.2.0)
      sass (~> 3.1)
      sprockets (>= 2.8, < 4.0)
      sprockets-rails (>= 2.0, < 4.0)
      tilt (>= 1.1, < 3)
    sexp_processor (4.17.1)
    sprockets (3.7.3)
      base64
      concurrent-ruby (~> 1.0)
      rack (> 1, < 3)
    sprockets-rails (3.5.1)
      actionpack (>= 6.1)
      activesupport (>= 6.1)
      sprockets (>= 3.0.0)
    strscan (3.1.0)
    sunspot (2.7.0)
      bigdecimal
      pr_geohash (~> 1.0)
      rsolr (>= 1.1.1, < 2.6)
    sunspot_rails (2.7.0)
      rails (>= 5)
      sunspot (= 2.7.0)
    sunspot_solr (2.5.0)
    sync (0.5.0)
    terser (1.2.3)
      execjs (>= 0.3.0, < 3)
    test-unit (3.6.2)
      power_assert
    the_sortable_tree (2.6.1)
      rails (>= 3.1)
    thor (1.3.1)
    tilt (2.3.0)
    timeout (0.4.1)
    tins (1.33.0)
      bigdecimal
      sync
    tzinfo (2.0.6)
      concurrent-ruby (~> 1.0)
    uri (0.13.0)
    warden (1.2.9)
      rack (>= 2.0.9)
    webrick (1.8.1)
    websocket-driver (0.7.6)
      websocket-extensions (>= 0.1.0)
    websocket-extensions (0.1.5)
    xpath (3.2.0)
      nokogiri (~> 1.8)
    zeitwerk (2.6.15)

PLATFORMS
  ruby
  x86-mingw32

DEPENDENCIES
  activerecord-import
  amatch
  ancestry
  annotate
  autoprefixer-rails
  bcrypt (~> 3.1.7)
  bootsnap
  builder
  capybara
  coffee-rails (~> 5.0.0)
  dalli
  devise
  exception_notification
  factory_girl_rails
  flickraw
  formtastic
  htmlentities
  jquery-rails
  jquery-ui-rails
  listen
  memcache-client
  naturally (= 1.3.2)
  net-imap (~> 0.2.3)
  net-pop (~> 0.1.1)!
  net-smtp (~> 0.3.1)
  nokogiri
  oai_repository!
  pg
  poltergeist
  progress_bar
  progressbar (~> 1.0)
  protected_attributes_continued
  psych (< 4)
  rails (~> 7.1.3)
  rake
  ranked-model
  rexml (~> 3.2)
  roman-numerals
  rspec-rails
  ruby-prof
  rubyzip
  sass-rails (~> 5.1.0)
  sunspot_rails
  sunspot_solr (~> 2.5.0)
  terser
  test-unit
  the_sortable_tree (= 2.6.1)
  webrick (~> 1.7)

BUNDLED WITH
   2.3.10
